STORAGE: NONE
RESTRICTION: == net7.0
NUGET
  remote: https://api.nuget.org/v3/index.json
    AutoFixture (4.17)
      Fare (>= 2.1.1 < 3.0)
      System.ComponentModel.Annotations (>= 4.3)
    Castle.Core (5.1)
      System.Diagnostics.EventLog (>= 6.0)
    coverlet.collector (3.2)
    DiffEngine (11.0)
      EmptyFiles (>= 4.0)
      System.Management (>= 5.0)
    Docker.DotNet (3.125.12)
      Newtonsoft.Json (>= 13.0.1)
      System.Buffers (>= 4.5.1)
      System.Threading.Tasks.Extensions (>= 4.5.4)
    Docker.DotNet.X509 (3.125.12)
      Docker.DotNet (>= 3.125.12)
    EmptyFiles (4.1)
    Fare (2.2.1)
    FluentAssertions (6.8)
      System.Configuration.ConfigurationManager (>= 4.4)
    Microsoft.AspNetCore.Mvc.Testing (7.0)
      Microsoft.AspNetCore.TestHost (>= 7.0)
      Microsoft.Extensions.DependencyModel (>= 7.0)
      Microsoft.Extensions.Hosting (>= 7.0)
    Microsoft.AspNetCore.TestHost (7.0)
      System.IO.Pipelines (>= 7.0)
    Microsoft.Bcl.AsyncInterfaces (7.0)
    Microsoft.CodeCoverage (17.4)
    Microsoft.CSharp (4.7)
    Microsoft.Extensions.Configuration (7.0)
      Microsoft.Extensions.Configuration.Abstractions (>= 7.0)
      Microsoft.Extensions.Primitives (>= 7.0)
    Microsoft.Extensions.Configuration.Abstractions (7.0)
      Microsoft.Extensions.Primitives (>= 7.0)
    Microsoft.Extensions.Configuration.Binder (7.0)
      Microsoft.Extensions.Configuration.Abstractions (>= 7.0)
    Microsoft.Extensions.Configuration.CommandLine (7.0)
      Microsoft.Extensions.Configuration (>= 7.0)
      Microsoft.Extensions.Configuration.Abstractions (>= 7.0)
    Microsoft.Extensions.Configuration.EnvironmentVariables (7.0)
      Microsoft.Extensions.Configuration (>= 7.0)
      Microsoft.Extensions.Configuration.Abstractions (>= 7.0)
    Microsoft.Extensions.Configuration.FileExtensions (7.0)
      Microsoft.Extensions.Configuration (>= 7.0)
      Microsoft.Extensions.Configuration.Abstractions (>= 7.0)
      Microsoft.Extensions.FileProviders.Abstractions (>= 7.0)
      Microsoft.Extensions.FileProviders.Physical (>= 7.0)
      Microsoft.Extensions.Primitives (>= 7.0)
    Microsoft.Extensions.Configuration.Json (7.0)
      Microsoft.Extensions.Configuration (>= 7.0)
      Microsoft.Extensions.Configuration.Abstractions (>= 7.0)
      Microsoft.Extensions.Configuration.FileExtensions (>= 7.0)
      Microsoft.Extensions.FileProviders.Abstractions (>= 7.0)
      System.Text.Json (>= 7.0)
    Microsoft.Extensions.Configuration.UserSecrets (7.0)
      Microsoft.Extensions.Configuration.Abstractions (>= 7.0)
      Microsoft.Extensions.Configuration.Json (>= 7.0)
      Microsoft.Extensions.FileProviders.Abstractions (>= 7.0)
      Microsoft.Extensions.FileProviders.Physical (>= 7.0)
    Microsoft.Extensions.DependencyInjection (7.0)
      Microsoft.Extensions.DependencyInjection.Abstractions (>= 7.0)
    Microsoft.Extensions.DependencyInjection.Abstractions (7.0)
    Microsoft.Extensions.DependencyModel (7.0)
      System.Text.Encodings.Web (>= 7.0)
      System.Text.Json (>= 7.0)
    Microsoft.Extensions.FileProviders.Abstractions (7.0)
      Microsoft.Extensions.Primitives (>= 7.0)
    Microsoft.Extensions.FileProviders.Physical (7.0)
      Microsoft.Extensions.FileProviders.Abstractions (>= 7.0)
      Microsoft.Extensions.FileSystemGlobbing (>= 7.0)
      Microsoft.Extensions.Primitives (>= 7.0)
    Microsoft.Extensions.FileSystemGlobbing (7.0)
    Microsoft.Extensions.Hosting (7.0)
      Microsoft.Extensions.Configuration (>= 7.0)
      Microsoft.Extensions.Configuration.Abstractions (>= 7.0)
      Microsoft.Extensions.Configuration.Binder (>= 7.0)
      Microsoft.Extensions.Configuration.CommandLine (>= 7.0)
      Microsoft.Extensions.Configuration.EnvironmentVariables (>= 7.0)
      Microsoft.Extensions.Configuration.FileExtensions (>= 7.0)
      Microsoft.Extensions.Configuration.Json (>= 7.0)
      Microsoft.Extensions.Configuration.UserSecrets (>= 7.0)
      Microsoft.Extensions.DependencyInjection (>= 7.0)
      Microsoft.Extensions.DependencyInjection.Abstractions (>= 7.0)
      Microsoft.Extensions.FileProviders.Abstractions (>= 7.0)
      Microsoft.Extensions.FileProviders.Physical (>= 7.0)
      Microsoft.Extensions.Hosting.Abstractions (>= 7.0)
      Microsoft.Extensions.Logging (>= 7.0)
      Microsoft.Extensions.Logging.Abstractions (>= 7.0)
      Microsoft.Extensions.Logging.Configuration (>= 7.0)
      Microsoft.Extensions.Logging.Console (>= 7.0)
      Microsoft.Extensions.Logging.Debug (>= 7.0)
      Microsoft.Extensions.Logging.EventLog (>= 7.0)
      Microsoft.Extensions.Logging.EventSource (>= 7.0)
      Microsoft.Extensions.Options (>= 7.0)
    Microsoft.Extensions.Hosting.Abstractions (7.0)
      Microsoft.Extensions.Configuration.Abstractions (>= 7.0)
      Microsoft.Extensions.DependencyInjection.Abstractions (>= 7.0)
      Microsoft.Extensions.FileProviders.Abstractions (>= 7.0)
    Microsoft.Extensions.Logging (7.0)
      Microsoft.Extensions.DependencyInjection (>= 7.0)
      Microsoft.Extensions.DependencyInjection.Abstractions (>= 7.0)
      Microsoft.Extensions.Logging.Abstractions (>= 7.0)
      Microsoft.Extensions.Options (>= 7.0)
    Microsoft.Extensions.Logging.Abstractions (7.0)
    Microsoft.Extensions.Logging.Configuration (7.0)
      Microsoft.Extensions.Configuration (>= 7.0)
      Microsoft.Extensions.Configuration.Abstractions (>= 7.0)
      Microsoft.Extensions.Configuration.Binder (>= 7.0)
      Microsoft.Extensions.DependencyInjection.Abstractions (>= 7.0)
      Microsoft.Extensions.Logging (>= 7.0)
      Microsoft.Extensions.Logging.Abstractions (>= 7.0)
      Microsoft.Extensions.Options (>= 7.0)
      Microsoft.Extensions.Options.ConfigurationExtensions (>= 7.0)
    Microsoft.Extensions.Logging.Console (7.0)
      Microsoft.Extensions.DependencyInjection.Abstractions (>= 7.0)
      Microsoft.Extensions.Logging (>= 7.0)
      Microsoft.Extensions.Logging.Abstractions (>= 7.0)
      Microsoft.Extensions.Logging.Configuration (>= 7.0)
      Microsoft.Extensions.Options (>= 7.0)
      System.Text.Json (>= 7.0)
    Microsoft.Extensions.Logging.Debug (7.0)
      Microsoft.Extensions.DependencyInjection.Abstractions (>= 7.0)
      Microsoft.Extensions.Logging (>= 7.0)
      Microsoft.Extensions.Logging.Abstractions (>= 7.0)
    Microsoft.Extensions.Logging.EventLog (7.0)
      Microsoft.Extensions.DependencyInjection.Abstractions (>= 7.0)
      Microsoft.Extensions.Logging (>= 7.0)
      Microsoft.Extensions.Logging.Abstractions (>= 7.0)
      Microsoft.Extensions.Options (>= 7.0)
      System.Diagnostics.EventLog (>= 7.0)
    Microsoft.Extensions.Logging.EventSource (7.0)
      Microsoft.Extensions.DependencyInjection.Abstractions (>= 7.0)
      Microsoft.Extensions.Logging (>= 7.0)
      Microsoft.Extensions.Logging.Abstractions (>= 7.0)
      Microsoft.Extensions.Options (>= 7.0)
      Microsoft.Extensions.Primitives (>= 7.0)
      System.Text.Json (>= 7.0)
    Microsoft.Extensions.Options (7.0)
      Microsoft.Extensions.DependencyInjection.Abstractions (>= 7.0)
      Microsoft.Extensions.Primitives (>= 7.0)
    Microsoft.Extensions.Options.ConfigurationExtensions (7.0)
      Microsoft.Extensions.Configuration.Abstractions (>= 7.0)
      Microsoft.Extensions.Configuration.Binder (>= 7.0)
      Microsoft.Extensions.DependencyInjection.Abstractions (>= 7.0)
      Microsoft.Extensions.Options (>= 7.0)
      Microsoft.Extensions.Primitives (>= 7.0)
    Microsoft.Extensions.Primitives (7.0)
    Microsoft.NET.Test.Sdk (17.4)
      Microsoft.CodeCoverage (>= 17.4)
      Microsoft.TestPlatform.TestHost (>= 17.4)
    Microsoft.NETCore.Platforms (7.0)
    Microsoft.TestPlatform.ObjectModel (17.4)
      NuGet.Frameworks (>= 5.11)
      System.Reflection.Metadata (>= 1.6)
    Microsoft.TestPlatform.TestHost (17.4)
      Microsoft.TestPlatform.ObjectModel (>= 17.4)
      Newtonsoft.Json (>= 13.0.1)
    Microsoft.Win32.SystemEvents (7.0)
    Moq (4.18.2)
      Castle.Core (>= 5.1)
    NETStandard.Library (2.0.3)
      Microsoft.NETCore.Platforms (>= 1.1)
    Newtonsoft.Json (13.0.2)
    NuGet.Frameworks (6.4)
    Ogooreck (0.6)
      FluentAssertions (>= 6.8)
      Microsoft.AspNetCore.Mvc.Testing (>= 7.0)
      Newtonsoft.Json (>= 13.0.1)
    Portable.BouncyCastle (1.9)
    SharpZipLib (1.4.1)
    Shouldly (4.1)
      DiffEngine (>= 10.0)
      EmptyFiles (>= 2.8)
      Microsoft.CSharp (>= 4.7)
    System.Buffers (4.5.1)
    System.CodeDom (7.0)
    System.Collections.Immutable (7.0)
    System.ComponentModel.Annotations (5.0)
    System.Configuration.ConfigurationManager (7.0)
      System.Diagnostics.EventLog (>= 7.0)
      System.Security.Cryptography.ProtectedData (>= 7.0)
      System.Security.Permissions (>= 7.0)
    System.Diagnostics.EventLog (7.0)
    System.Drawing.Common (7.0)
      Microsoft.Win32.SystemEvents (>= 7.0)
    System.IO.Pipelines (7.0)
    System.Management (7.0)
      System.CodeDom (>= 7.0)
    System.Reflection.Metadata (7.0)
      System.Collections.Immutable (>= 7.0)
    System.Security.Cryptography.ProtectedData (7.0)
    System.Security.Permissions (7.0)
      System.Windows.Extensions (>= 7.0)
    System.Text.Encodings.Web (7.0)
    System.Text.Json (7.0)
      System.Text.Encodings.Web (>= 7.0)
    System.Threading.Tasks.Extensions (4.5.4)
    System.Windows.Extensions (7.0)
      System.Drawing.Common (>= 7.0)
    Testcontainers (2.2)
      Docker.DotNet (>= 3.125.12)
      Docker.DotNet.X509 (>= 3.125.12)
      Microsoft.Bcl.AsyncInterfaces (>= 1.1.1)
      Microsoft.Extensions.Logging.Abstractions (>= 3.1.26)
      Portable.BouncyCastle (>= 1.9)
      SharpZipLib (>= 1.4)
      System.Text.Json (>= 4.7.2)
    xunit (2.4.2)
      xunit.analyzers (>= 1.0)
      xunit.assert (>= 2.4.2)
      xunit.core (2.4.2)
    xunit.abstractions (2.0.3)
    xunit.analyzers (1.0)
    xunit.assert (2.4.2)
      NETStandard.Library (>= 1.6.1)
    xunit.core (2.4.2)
      xunit.extensibility.core (2.4.2)
      xunit.extensibility.execution (2.4.2)
    xunit.extensibility.core (2.4.2)
      NETStandard.Library (>= 1.6.1)
      xunit.abstractions (>= 2.0.3)
    xunit.extensibility.execution (2.4.2)
      NETStandard.Library (>= 1.6.1)
      xunit.extensibility.core (2.4.2)
    xunit.runner.visualstudio (2.4.5)
