STORAGE: NONE
RESTRICTION: == net7.0
NUGET
  remote: https://api.nuget.org/v3/index.json
    Alba (7.4)
      IdentityModel (>= 6.0)
      Microsoft.AspNetCore.Authentication.JwtBearer (>= 7.0)
      Microsoft.AspNetCore.Mvc.Testing (>= 7.0)
    Argon (0.7.1)
    AspNetCore.HealthChecks.UI.Client (6.0.5)
      AspNetCore.HealthChecks.UI.Core (>= 6.0.5)
      Microsoft.Extensions.Diagnostics.HealthChecks (>= 6.0.7)
    AspNetCore.HealthChecks.UI.Core (6.0.5)
      Microsoft.EntityFrameworkCore (>= 6.0.7)
      Microsoft.Extensions.DependencyInjection.Abstractions (>= 6.0)
      Microsoft.Extensions.Diagnostics.HealthChecks (>= 6.0.7)
      System.Text.Json (>= 6.0.5)
    AutoFixture (4.18)
      Fare (>= 2.1.1 < 3.0)
      System.ComponentModel.Annotations (>= 4.3)
    AutoFixture.AutoMoq (4.18)
      AutoFixture (>= 4.18)
      Moq (>= 4.7 < 5.0)
    AutoFixture.Xunit2 (4.18)
      AutoFixture (>= 4.18)
      xunit.extensibility.core (>= 2.2 < 3.0)
    Carter (7.1)
      FluentValidation (>= 11.0.1)
      Microsoft.Extensions.DependencyModel (>= 7.0)
    Castle.Core (5.1.1)
      System.Diagnostics.EventLog (>= 6.0)
    coverlet.collector (3.2)
    DiffEngine (11.3)
      EmptyFiles (>= 4.4)
      System.Management (>= 6.0.1)
    Docker.DotNet (3.125.15)
      Newtonsoft.Json (>= 13.0.1)
      System.Buffers (>= 4.5.1)
      System.Threading.Tasks.Extensions (>= 4.5.4)
    Docker.DotNet.X509 (3.125.15)
      Docker.DotNet (>= 3.125.15)
    EasyNetQ (7.5.2)
      RabbitMQ.Client (>= 6.5)
    EasyNetQ.DI.Microsoft (7.5.2)
      EasyNetQ (>= 7.5.2)
      Microsoft.Extensions.DependencyInjection (>= 5.0.2)
    EasyNetQ.Logging.Microsoft (7.5.2)
      EasyNetQ (>= 7.5.2)
      Microsoft.Extensions.Logging.Abstractions (>= 5.0)
    EasyNetQ.Serialization.SystemTextJson (7.5.2)
      EasyNetQ (>= 7.5.2)
      System.Text.Json (>= 6.0)
    EFCore.NamingConventions (7.0.2)
      Microsoft.EntityFrameworkCore (>= 7.0.2 < 8.0)
      Microsoft.EntityFrameworkCore.Relational (>= 7.0.2 < 8.0)
      Microsoft.Extensions.DependencyInjection.Abstractions (>= 7.0)
    EmptyFiles (4.4)
    Fare (2.2.1)
    FastEndpoints (5.10)
      FastEndpoints.Attributes (>= 5.10)
      FluentValidation (>= 11.5.2)
    FastEndpoints.Attributes (5.10)
    FastEndpoints.Security (5.10)
      FastEndpoints (>= 5.10)
      Microsoft.AspNetCore.Authentication.JwtBearer (>= 7.0.4)
    FastEndpoints.Swagger (5.10)
      FastEndpoints (>= 5.10)
      NSwag.AspNetCore (>= 13.18.2)
    FlexLabs.EntityFrameworkCore.Upsert (7.0)
      Microsoft.EntityFrameworkCore.Relational (>= 7.0)
    FluentAssertions (6.11)
      System.Configuration.ConfigurationManager (>= 4.4)
    FluentValidation (11.5.2)
    Google.Protobuf (3.23.1)
    Grpc.Core.Api (2.53)
      System.Memory (>= 4.5.3)
    Grpc.Net.Client (2.53)
      Grpc.Net.Common (>= 2.53)
      Microsoft.Extensions.Logging.Abstractions (>= 3.0.3)
    Grpc.Net.Common (2.53)
      Grpc.Core.Api (>= 2.53)
    Humanizer.Core (2.14.1)
    IdentityModel (6.1)
    Mediator.Abstractions (2.1.1)
      Microsoft.Extensions.DependencyInjection.Abstractions (>= 6.0)
      System.Threading.Tasks.Extensions (>= 4.5.4)
    Mediator.SourceGenerator (2.1.1)
      Microsoft.Extensions.DependencyInjection (>= 6.0)
      Microsoft.Extensions.DependencyInjection.Abstractions (>= 6.0)
    MemoryPack (1.9.13)
      MemoryPack.Core (>= 1.9.13)
      MemoryPack.Generator (>= 1.9.13)
    MemoryPack.Core (1.9.13)
    MemoryPack.Generator (1.9.13)
    Microsoft.AspNetCore.Authentication.JwtBearer (7.0.5)
      Microsoft.IdentityModel.Protocols.OpenIdConnect (>= 6.15.1)
    Microsoft.AspNetCore.Mvc.Testing (7.0.5)
      Microsoft.AspNetCore.TestHost (>= 7.0.5)
      Microsoft.Extensions.DependencyModel (>= 7.0)
      Microsoft.Extensions.Hosting (>= 7.0.1)
    Microsoft.AspNetCore.TestHost (7.0.5)
      System.IO.Pipelines (>= 7.0)
    Microsoft.Bcl.AsyncInterfaces (7.0)
    Microsoft.CodeCoverage (17.6)
    Microsoft.CSharp (4.7)
    Microsoft.EntityFrameworkCore (7.0.5)
      Microsoft.EntityFrameworkCore.Abstractions (>= 7.0.5)
      Microsoft.EntityFrameworkCore.Analyzers (>= 7.0.5)
      Microsoft.Extensions.Caching.Memory (>= 7.0)
      Microsoft.Extensions.DependencyInjection (>= 7.0)
      Microsoft.Extensions.Logging (>= 7.0)
    Microsoft.EntityFrameworkCore.Abstractions (7.0.5)
    Microsoft.EntityFrameworkCore.Analyzers (7.0.5)
    Microsoft.EntityFrameworkCore.Design (7.0.5)
      Humanizer.Core (>= 2.14.1)
      Microsoft.EntityFrameworkCore.Relational (>= 7.0.5)
      Microsoft.Extensions.DependencyModel (>= 7.0)
      Mono.TextTemplating (>= 2.2.1)
    Microsoft.EntityFrameworkCore.Relational (7.0.5)
      Microsoft.EntityFrameworkCore (>= 7.0.5)
      Microsoft.Extensions.Configuration.Abstractions (>= 7.0)
    Microsoft.Extensions.ApiDescription.Server (7.0.5)
    Microsoft.Extensions.Caching.Abstractions (7.0)
      Microsoft.Extensions.Primitives (>= 7.0)
    Microsoft.Extensions.Caching.Memory (7.0)
      Microsoft.Extensions.Caching.Abstractions (>= 7.0)
      Microsoft.Extensions.DependencyInjection.Abstractions (>= 7.0)
      Microsoft.Extensions.Logging.Abstractions (>= 7.0)
      Microsoft.Extensions.Options (>= 7.0)
      Microsoft.Extensions.Primitives (>= 7.0)
    Microsoft.Extensions.Configuration (7.0)
      Microsoft.Extensions.Configuration.Abstractions (>= 7.0)
      Microsoft.Extensions.Primitives (>= 7.0)
    Microsoft.Extensions.Configuration.Abstractions (7.0)
      Microsoft.Extensions.Primitives (>= 7.0)
    Microsoft.Extensions.Configuration.Binder (7.0.4)
      Microsoft.Extensions.Configuration.Abstractions (>= 7.0)
    Microsoft.Extensions.Configuration.CommandLine (7.0)
      Microsoft.Extensions.Configuration (>= 7.0)
      Microsoft.Extensions.Configuration.Abstractions (>= 7.0)
    Microsoft.Extensions.Configuration.EnvironmentVariables (7.0)
      Microsoft.Extensions.Configuration (>= 7.0)
      Microsoft.Extensions.Configuration.Abstractions (>= 7.0)
    Microsoft.Extensions.Configuration.FileExtensions (7.0)
      Microsoft.Extensions.Configuration (>= 7.0)
      Microsoft.Extensions.Configuration.Abstractions (>= 7.0)
      Microsoft.Extensions.FileProviders.Abstractions (>= 7.0)
      Microsoft.Extensions.FileProviders.Physical (>= 7.0)
      Microsoft.Extensions.Primitives (>= 7.0)
    Microsoft.Extensions.Configuration.Json (7.0)
      Microsoft.Extensions.Configuration (>= 7.0)
      Microsoft.Extensions.Configuration.Abstractions (>= 7.0)
      Microsoft.Extensions.Configuration.FileExtensions (>= 7.0)
      Microsoft.Extensions.FileProviders.Abstractions (>= 7.0)
      System.Text.Json (>= 7.0)
    Microsoft.Extensions.Configuration.UserSecrets (7.0)
      Microsoft.Extensions.Configuration.Abstractions (>= 7.0)
      Microsoft.Extensions.Configuration.Json (>= 7.0)
      Microsoft.Extensions.FileProviders.Abstractions (>= 7.0)
      Microsoft.Extensions.FileProviders.Physical (>= 7.0)
    Microsoft.Extensions.DependencyInjection (7.0)
      Microsoft.Extensions.DependencyInjection.Abstractions (>= 7.0)
    Microsoft.Extensions.DependencyInjection.Abstractions (7.0)
    Microsoft.Extensions.DependencyModel (7.0)
      System.Text.Encodings.Web (>= 7.0)
      System.Text.Json (>= 7.0)
    Microsoft.Extensions.Diagnostics.HealthChecks (7.0.5)
      Microsoft.Extensions.Diagnostics.HealthChecks.Abstractions (>= 7.0.5)
      Microsoft.Extensions.Hosting.Abstractions (>= 7.0)
      Microsoft.Extensions.Logging.Abstractions (>= 7.0)
      Microsoft.Extensions.Options (>= 7.0.1)
    Microsoft.Extensions.Diagnostics.HealthChecks.Abstractions (7.0.5)
    Microsoft.Extensions.FileProviders.Abstractions (7.0)
      Microsoft.Extensions.Primitives (>= 7.0)
    Microsoft.Extensions.FileProviders.Embedded (7.0.5)
      Microsoft.Extensions.FileProviders.Abstractions (>= 7.0)
    Microsoft.Extensions.FileProviders.Physical (7.0)
      Microsoft.Extensions.FileProviders.Abstractions (>= 7.0)
      Microsoft.Extensions.FileSystemGlobbing (>= 7.0)
      Microsoft.Extensions.Primitives (>= 7.0)
    Microsoft.Extensions.FileSystemGlobbing (7.0)
    Microsoft.Extensions.Hosting (7.0.1)
      Microsoft.Extensions.Configuration (>= 7.0)
      Microsoft.Extensions.Configuration.Abstractions (>= 7.0)
      Microsoft.Extensions.Configuration.Binder (>= 7.0.3)
      Microsoft.Extensions.Configuration.CommandLine (>= 7.0)
      Microsoft.Extensions.Configuration.EnvironmentVariables (>= 7.0)
      Microsoft.Extensions.Configuration.FileExtensions (>= 7.0)
      Microsoft.Extensions.Configuration.Json (>= 7.0)
      Microsoft.Extensions.Configuration.UserSecrets (>= 7.0)
      Microsoft.Extensions.DependencyInjection (>= 7.0)
      Microsoft.Extensions.DependencyInjection.Abstractions (>= 7.0)
      Microsoft.Extensions.FileProviders.Abstractions (>= 7.0)
      Microsoft.Extensions.FileProviders.Physical (>= 7.0)
      Microsoft.Extensions.Hosting.Abstractions (>= 7.0)
      Microsoft.Extensions.Logging (>= 7.0)
      Microsoft.Extensions.Logging.Abstractions (>= 7.0)
      Microsoft.Extensions.Logging.Configuration (>= 7.0)
      Microsoft.Extensions.Logging.Console (>= 7.0)
      Microsoft.Extensions.Logging.Debug (>= 7.0)
      Microsoft.Extensions.Logging.EventLog (>= 7.0)
      Microsoft.Extensions.Logging.EventSource (>= 7.0)
      Microsoft.Extensions.Options (>= 7.0.1)
      System.Diagnostics.DiagnosticSource (>= 7.0.1)
    Microsoft.Extensions.Hosting.Abstractions (7.0)
      Microsoft.Extensions.Configuration.Abstractions (>= 7.0)
      Microsoft.Extensions.DependencyInjection.Abstractions (>= 7.0)
      Microsoft.Extensions.FileProviders.Abstractions (>= 7.0)
    Microsoft.Extensions.Logging (7.0)
      Microsoft.Extensions.DependencyInjection (>= 7.0)
      Microsoft.Extensions.DependencyInjection.Abstractions (>= 7.0)
      Microsoft.Extensions.Logging.Abstractions (>= 7.0)
      Microsoft.Extensions.Options (>= 7.0)
    Microsoft.Extensions.Logging.Abstractions (7.0)
    Microsoft.Extensions.Logging.Configuration (7.0)
      Microsoft.Extensions.Configuration (>= 7.0)
      Microsoft.Extensions.Configuration.Abstractions (>= 7.0)
      Microsoft.Extensions.Configuration.Binder (>= 7.0)
      Microsoft.Extensions.DependencyInjection.Abstractions (>= 7.0)
      Microsoft.Extensions.Logging (>= 7.0)
      Microsoft.Extensions.Logging.Abstractions (>= 7.0)
      Microsoft.Extensions.Options (>= 7.0)
      Microsoft.Extensions.Options.ConfigurationExtensions (>= 7.0)
    Microsoft.Extensions.Logging.Console (7.0)
      Microsoft.Extensions.DependencyInjection.Abstractions (>= 7.0)
      Microsoft.Extensions.Logging (>= 7.0)
      Microsoft.Extensions.Logging.Abstractions (>= 7.0)
      Microsoft.Extensions.Logging.Configuration (>= 7.0)
      Microsoft.Extensions.Options (>= 7.0)
      System.Text.Json (>= 7.0)
    Microsoft.Extensions.Logging.Debug (7.0)
      Microsoft.Extensions.DependencyInjection.Abstractions (>= 7.0)
      Microsoft.Extensions.Logging (>= 7.0)
      Microsoft.Extensions.Logging.Abstractions (>= 7.0)
    Microsoft.Extensions.Logging.EventLog (7.0)
      Microsoft.Extensions.DependencyInjection.Abstractions (>= 7.0)
      Microsoft.Extensions.Logging (>= 7.0)
      Microsoft.Extensions.Logging.Abstractions (>= 7.0)
      Microsoft.Extensions.Options (>= 7.0)
      System.Diagnostics.EventLog (>= 7.0)
    Microsoft.Extensions.Logging.EventSource (7.0)
      Microsoft.Extensions.DependencyInjection.Abstractions (>= 7.0)
      Microsoft.Extensions.Logging (>= 7.0)
      Microsoft.Extensions.Logging.Abstractions (>= 7.0)
      Microsoft.Extensions.Options (>= 7.0)
      Microsoft.Extensions.Primitives (>= 7.0)
      System.Text.Json (>= 7.0)
    Microsoft.Extensions.Options (7.0.1)
      Microsoft.Extensions.DependencyInjection.Abstractions (>= 7.0)
      Microsoft.Extensions.Primitives (>= 7.0)
    Microsoft.Extensions.Options.ConfigurationExtensions (7.0)
      Microsoft.Extensions.Configuration.Abstractions (>= 7.0)
      Microsoft.Extensions.Configuration.Binder (>= 7.0)
      Microsoft.Extensions.DependencyInjection.Abstractions (>= 7.0)
      Microsoft.Extensions.Options (>= 7.0)
      Microsoft.Extensions.Primitives (>= 7.0)
    Microsoft.Extensions.Primitives (7.0)
    Microsoft.IdentityModel.Abstractions (6.30.1)
    Microsoft.IdentityModel.JsonWebTokens (6.30.1)
      Microsoft.IdentityModel.Tokens (>= 6.30.1)
      System.Text.Encoding (>= 4.3)
      System.Text.Encodings.Web (>= 4.7.2)
      System.Text.Json (>= 4.7.2)
    Microsoft.IdentityModel.Logging (6.30.1)
      Microsoft.IdentityModel.Abstractions (>= 6.30.1)
    Microsoft.IdentityModel.Protocols (6.30.1)
      Microsoft.IdentityModel.Logging (>= 6.30.1)
      Microsoft.IdentityModel.Tokens (>= 6.30.1)
    Microsoft.IdentityModel.Protocols.OpenIdConnect (6.30.1)
      Microsoft.IdentityModel.Protocols (>= 6.30.1)
      System.IdentityModel.Tokens.Jwt (>= 6.30.1)
    Microsoft.IdentityModel.Tokens (6.30.1)
      Microsoft.CSharp (>= 4.5)
      Microsoft.IdentityModel.Logging (>= 6.30.1)
      System.Security.Cryptography.Cng (>= 4.5)
    Microsoft.NET.Test.Sdk (17.6)
      Microsoft.CodeCoverage (>= 17.6)
      Microsoft.TestPlatform.TestHost (>= 17.6)
    Microsoft.NETCore.Platforms (7.0.2)
    Microsoft.NETCore.Targets (5.0)
    Microsoft.OpenApi (1.6.4)
    Microsoft.TestPlatform.ObjectModel (17.6)
      NuGet.Frameworks (>= 5.11)
      System.Reflection.Metadata (>= 1.6)
    Microsoft.TestPlatform.TestHost (17.6)
      Microsoft.TestPlatform.ObjectModel (>= 17.6)
      Newtonsoft.Json (>= 13.0.1)
    Microsoft.Win32.SystemEvents (7.0)
    Mono.TextTemplating (2.3.1)
      System.CodeDom (>= 5.0)
    Moq (4.18.4)
      Castle.Core (>= 5.1.1)
    Namotion.Reflection (2.1.2)
      Microsoft.CSharp (>= 4.3)
    NETStandard.Library (2.0.3)
      Microsoft.NETCore.Platforms (>= 1.1)
    Newtonsoft.Json (13.0.3)
    NJsonSchema (10.9)
      Namotion.Reflection (>= 2.1.2)
      Newtonsoft.Json (>= 9.0.1)
    NJsonSchema.Yaml (10.9)
      Microsoft.CSharp (>= 4.4.1)
      NJsonSchema (>= 10.9)
      YamlDotNet (>= 11.2.1)
    Npgsql (7.0.4)
      Microsoft.Extensions.Logging.Abstractions (>= 6.0)
    Npgsql.EntityFrameworkCore.PostgreSQL (7.0.4)
      Microsoft.EntityFrameworkCore (>= 7.0.5 < 8.0)
      Microsoft.EntityFrameworkCore.Abstractions (>= 7.0.5 < 8.0)
      Microsoft.EntityFrameworkCore.Relational (>= 7.0.5 < 8.0)
      Npgsql (>= 7.0.4)
    Npgsql.OpenTelemetry (7.0.4)
      Npgsql (>= 7.0.4)
      OpenTelemetry.Api (>= 1.3.1)
    NSwag.Annotations (13.19)
    NSwag.AspNetCore (13.19)
      Microsoft.Extensions.ApiDescription.Server (>= 6.0.3)
      Microsoft.Extensions.FileProviders.Embedded (>= 7.0 < 8.0)
      NSwag.Annotations (>= 13.19)
      NSwag.Core (>= 13.19)
      NSwag.Core.Yaml (>= 13.19)
      NSwag.Generation (>= 13.19)
      NSwag.Generation.AspNetCore (>= 13.19)
    NSwag.Core (13.19)
      Newtonsoft.Json (>= 10.0.1)
      NJsonSchema (>= 10.9)
    NSwag.Core.Yaml (13.19)
      NJsonSchema.Yaml (>= 10.9)
      NSwag.Core (>= 13.19)
      YamlDotNet (>= 11.2.1)
    NSwag.Generation (13.19)
      Newtonsoft.Json (>= 10.0.1)
      NJsonSchema (>= 10.9)
      NSwag.Core (>= 13.19)
    NSwag.Generation.AspNetCore (13.19)
      Microsoft.Extensions.DependencyInjection.Abstractions (>= 7.0 < 8.0)
      Microsoft.Extensions.Options (>= 7.0 < 8.0)
      NSwag.Generation (>= 13.19)
    NuGet.Frameworks (6.6)
    OneOf (3.0.243)
    OneOf.SourceGenerator (3.0.243)
    OpenTelemetry (1.5.0-alpha.2)
      Microsoft.Extensions.Logging.Configuration (>= 3.1)
      OpenTelemetry.Api.ProviderBuilderExtensions (>= 1.5.0-alpha.2)
    OpenTelemetry.Api (1.5.0-alpha.2)
      System.Diagnostics.DiagnosticSource (>= 7.0)
    OpenTelemetry.Api.ProviderBuilderExtensions (1.5.0-alpha.2)
      Microsoft.Extensions.DependencyInjection.Abstractions (>= 3.1)
      OpenTelemetry.Api (>= 1.5.0-alpha.2)
    OpenTelemetry.Exporter.Console (1.4)
      OpenTelemetry (>= 1.4)
      System.Text.Json (>= 4.7.2)
    OpenTelemetry.Exporter.OpenTelemetryProtocol (1.4)
      Google.Protobuf (>= 3.19.4 < 4.0)
      Grpc.Net.Client (>= 2.43 < 3.0)
      OpenTelemetry (>= 1.4)
    OpenTelemetry.Exporter.OpenTelemetryProtocol.Logs (1.4.0-rc.4)
      OpenTelemetry (>= 1.4.0-rc.4)
      OpenTelemetry.Exporter.OpenTelemetryProtocol (>= 1.4.0-rc.4)
    OpenTelemetry.Extensions (1.0.0-beta2.88)
      OpenTelemetry (>= 1.1)
    OpenTelemetry.Extensions.Hosting (1.4)
      Microsoft.Extensions.Hosting.Abstractions (>= 2.1)
      OpenTelemetry (>= 1.4)
    OpenTelemetry.Instrumentation.AspNetCore (1.0.0-rc9.14)
      OpenTelemetry (>= 1.4)
    OpenTelemetry.Instrumentation.StackExchangeRedis (1.0.0-rc9.8)
      Microsoft.Extensions.Options (>= 3.1)
      OpenTelemetry.Api (>= 1.4 < 2.0)
      StackExchange.Redis (>= 2.1.58 < 3.0)
      System.Reflection.Emit.Lightweight (>= 4.7)
    Pipelines.Sockets.Unofficial (2.2.8)
      System.IO.Pipelines (>= 5.0.1)
    Portable.BouncyCastle (1.9)
    RabbitMQ.Client (6.5)
      System.Memory (>= 4.5.5)
      System.Threading.Channels (>= 7.0)
    SharpZipLib (1.4.2)
    Shouldly (4.2.1)
      DiffEngine (>= 11.3)
      EmptyFiles (>= 4.4)
    SimpleInfoName (2.1.1)
    SSH.NET (2020.0.2)
      SshNet.Security.Cryptography (1.3)
    SshNet.Security.Cryptography (1.3)
    StackExchange.Redis (2.6.111)
      Pipelines.Sockets.Unofficial (>= 2.2.2)
    StronglyTypedId (1.0.0-beta06)
    Swashbuckle.AspNetCore (6.5)
      Microsoft.Extensions.ApiDescription.Server (>= 6.0.5)
      Swashbuckle.AspNetCore.Swagger (>= 6.5)
      Swashbuckle.AspNetCore.SwaggerGen (>= 6.5)
      Swashbuckle.AspNetCore.SwaggerUI (>= 6.5)
    Swashbuckle.AspNetCore.Swagger (6.5)
      Microsoft.OpenApi (>= 1.2.3)
    Swashbuckle.AspNetCore.SwaggerGen (6.5)
      Swashbuckle.AspNetCore.Swagger (>= 6.5)
    Swashbuckle.AspNetCore.SwaggerUI (6.5)
    System.Buffers (4.5.1)
    System.CodeDom (7.0)
    System.Collections.Immutable (7.0)
    System.ComponentModel.Annotations (5.0)
    System.Configuration.ConfigurationManager (7.0)
      System.Diagnostics.EventLog (>= 7.0)
      System.Security.Cryptography.ProtectedData (>= 7.0)
      System.Security.Permissions (>= 7.0)
    System.Diagnostics.DiagnosticSource (7.0.2)
    System.Diagnostics.EventLog (7.0)
    System.Drawing.Common (7.0)
      Microsoft.Win32.SystemEvents (>= 7.0)
    System.Formats.Asn1 (7.0)
    System.IdentityModel.Tokens.Jwt (6.30.1)
      Microsoft.IdentityModel.JsonWebTokens (>= 6.30.1)
      Microsoft.IdentityModel.Tokens (>= 6.30.1)
    System.IO.Pipelines (7.0)
    System.Linq.Async (6.0.1)
      Microsoft.Bcl.AsyncInterfaces (>= 6.0)
    System.Management (7.0.1)
      System.CodeDom (>= 7.0)
    System.Memory (4.5.5)
    System.Reflection.Emit.Lightweight (4.7)
    System.Reflection.Metadata (7.0.1)
      System.Collections.Immutable (>= 7.0)
    System.Runtime (4.3.1)
      Microsoft.NETCore.Platforms (>= 1.1.1)
      Microsoft.NETCore.Targets (>= 1.1.3)
    System.Security.Cryptography.Cng (5.0)
      System.Formats.Asn1 (>= 5.0)
    System.Security.Cryptography.ProtectedData (7.0.1)
    System.Security.Permissions (7.0)
      System.Windows.Extensions (>= 7.0)
    System.Text.Encoding (4.3)
      Microsoft.NETCore.Platforms (>= 1.1)
      Microsoft.NETCore.Targets (>= 1.1)
      System.Runtime (>= 4.3)
    System.Text.Encodings.Web (7.0)
    System.Text.Json (7.0.2)
      System.Text.Encodings.Web (>= 7.0)
    System.Threading.Channels (7.0)
    System.Threading.Tasks.Extensions (4.5.4)
    System.Windows.Extensions (7.0)
      System.Drawing.Common (>= 7.0)
    Testcontainers (3.1)
      Docker.DotNet (>= 3.125.13)
      Docker.DotNet.X509 (>= 3.125.13)
      Microsoft.Bcl.AsyncInterfaces (>= 6.0)
      Microsoft.Extensions.Logging.Abstractions (>= 6.0.3)
      Portable.BouncyCastle (>= 1.9)
      SharpZipLib (>= 1.4.2)
      SSH.NET (>= 2020.0.2)
      System.Text.Json (>= 6.0.7)
    Testcontainers.PostgreSql (3.1)
      Testcontainers (>= 3.1)
    Testcontainers.RabbitMq (3.1)
      Testcontainers (>= 3.1)
    Testcontainers.Redis (3.1)
      Testcontainers (>= 3.1)
    Verify (20.0)
      Argon (>= 0.7.1)
      DiffEngine (>= 11.3)
      EmptyFiles (>= 4.4)
      SimpleInfoName (>= 2.1.1)
    Verify.Xunit (20.0)
      EmptyFiles (>= 4.4)
      Verify (>= 20.0)
      xunit.abstractions (>= 2.0.3)
      xunit.extensibility.execution (>= 2.4.2)
    xunit (2.4.2)
      xunit.analyzers (>= 1.0)
      xunit.assert (>= 2.4.2)
      xunit.core (2.4.2)
    xunit.abstractions (2.0.3)
    xunit.analyzers (1.1)
    xunit.assert (2.4.2)
      NETStandard.Library (>= 1.6.1)
    xunit.core (2.4.2)
      xunit.extensibility.core (2.4.2)
      xunit.extensibility.execution (2.4.2)
    xunit.extensibility.core (2.4.2)
      NETStandard.Library (>= 1.6.1)
      xunit.abstractions (>= 2.0.3)
    xunit.extensibility.execution (2.4.2)
      NETStandard.Library (>= 1.6.1)
      xunit.extensibility.core (2.4.2)
    xunit.runner.visualstudio (2.4.5)
    YamlDotNet (13.1)
