STORAGE: NONE
RESTRICTION: == net7.0
NUGET
  remote: https://api.nuget.org/v3/index.json
    Alba (7.2.1)
      IdentityModel (>= 6.0)
      Microsoft.AspNetCore.Authentication.JwtBearer (>= 7.0)
      Microsoft.AspNetCore.Mvc.Testing (>= 7.0)
    AspNetCore.HealthChecks.UI.Client (6.0.5)
      AspNetCore.HealthChecks.UI.Core (>= 6.0.5)
      Microsoft.Extensions.Diagnostics.HealthChecks (>= 6.0.7)
    AspNetCore.HealthChecks.UI.Core (6.0.5)
      Microsoft.EntityFrameworkCore (>= 6.0.7)
      Microsoft.Extensions.DependencyInjection.Abstractions (>= 6.0)
      Microsoft.Extensions.Diagnostics.HealthChecks (>= 6.0.7)
      System.Text.Json (>= 6.0.5)
    AutoFixture (4.17)
      Fare (>= 2.1.1 < 3.0)
      System.ComponentModel.Annotations (>= 4.3)
    Castle.Core (5.1.1)
      System.Diagnostics.EventLog (>= 6.0)
    coverlet.collector (3.2)
    DiffEngine (11.0)
      EmptyFiles (>= 4.0)
      System.Management (>= 5.0)
    Docker.DotNet (3.125.12)
      Newtonsoft.Json (>= 13.0.1)
      System.Buffers (>= 4.5.1)
      System.Threading.Tasks.Extensions (>= 4.5.4)
    Docker.DotNet.X509 (3.125.12)
      Docker.DotNet (>= 3.125.12)
    EasyNetQ (7.3.7)
      RabbitMQ.Client (>= 6.4)
    EasyNetQ.DI.Microsoft (7.3.7)
      EasyNetQ (>= 7.3.7)
      Microsoft.Extensions.DependencyInjection (>= 5.0.2)
    EasyNetQ.Logging.Microsoft (7.3.7)
      EasyNetQ (>= 7.3.7)
      Microsoft.Extensions.Logging.Abstractions (>= 5.0)
    EasyNetQ.Serialization.SystemTextJson (7.3.7)
      EasyNetQ (>= 7.3.7)
      System.Text.Json (>= 6.0)
    EmptyFiles (4.1)
    Fare (2.2.1)
    FastEndpoints (5.6)
      FastEndpoints.Attributes (>= 5.6)
      FluentValidation (>= 11.4)
    FastEndpoints.Attributes (5.6)
    FastEndpoints.Security (5.6)
      FastEndpoints (>= 5.6)
      Microsoft.AspNetCore.Authentication.JwtBearer (>= 7.0)
    FastEndpoints.Swagger (5.6)
      FastEndpoints (>= 5.6)
      NSwag.AspNetCore (>= 13.18)
    FluentValidation (11.4)
    Google.Protobuf (3.21.12)
    Grpc.Core.Api (2.51)
      System.Memory (>= 4.5.3)
    Grpc.Net.Client (2.51)
      Grpc.Net.Common (>= 2.51)
      Microsoft.Extensions.Logging.Abstractions (>= 3.0.3)
    Grpc.Net.Common (2.51)
      Grpc.Core.Api (>= 2.51)
    IdentityModel (6.0)
    Mediator.Abstractions (2.0.29)
      Microsoft.Extensions.DependencyInjection.Abstractions (>= 6.0)
      System.Threading.Tasks.Extensions (>= 4.5.4)
    Mediator.SourceGenerator (2.0.29)
      Microsoft.Extensions.DependencyInjection (>= 6.0)
      Microsoft.Extensions.DependencyInjection.Abstractions (>= 6.0)
    MemoryPack (1.9.7)
      MemoryPack.Core (>= 1.9.7)
      MemoryPack.Generator (>= 1.9.7)
    MemoryPack.Core (1.9.7)
    MemoryPack.Generator (1.9.7)
    Microsoft.AspNetCore.Authentication.JwtBearer (7.0.1)
      Microsoft.IdentityModel.Protocols.OpenIdConnect (>= 6.15.1)
    Microsoft.AspNetCore.Mvc.Testing (7.0.1)
      Microsoft.AspNetCore.TestHost (>= 7.0.1)
      Microsoft.Extensions.DependencyModel (>= 7.0)
      Microsoft.Extensions.Hosting (>= 7.0)
    Microsoft.AspNetCore.TestHost (7.0.1)
      System.IO.Pipelines (>= 7.0)
    Microsoft.Bcl.AsyncInterfaces (7.0)
    Microsoft.CodeCoverage (17.4.1)
    Microsoft.CSharp (4.7)
    Microsoft.EntityFrameworkCore (7.0.1)
      Microsoft.EntityFrameworkCore.Abstractions (>= 7.0.1)
      Microsoft.EntityFrameworkCore.Analyzers (>= 7.0.1)
      Microsoft.Extensions.Caching.Memory (>= 7.0)
      Microsoft.Extensions.DependencyInjection (>= 7.0)
      Microsoft.Extensions.Logging (>= 7.0)
    Microsoft.EntityFrameworkCore.Abstractions (7.0.1)
    Microsoft.EntityFrameworkCore.Analyzers (7.0.1)
    Microsoft.EntityFrameworkCore.Relational (7.0.1)
      Microsoft.EntityFrameworkCore (>= 7.0.1)
      Microsoft.Extensions.Configuration.Abstractions (>= 7.0)
    Microsoft.Extensions.ApiDescription.Server (7.0.1)
    Microsoft.Extensions.Caching.Abstractions (7.0)
      Microsoft.Extensions.Primitives (>= 7.0)
    Microsoft.Extensions.Caching.Memory (7.0)
      Microsoft.Extensions.Caching.Abstractions (>= 7.0)
      Microsoft.Extensions.DependencyInjection.Abstractions (>= 7.0)
      Microsoft.Extensions.Logging.Abstractions (>= 7.0)
      Microsoft.Extensions.Options (>= 7.0)
      Microsoft.Extensions.Primitives (>= 7.0)
    Microsoft.Extensions.Configuration (7.0)
      Microsoft.Extensions.Configuration.Abstractions (>= 7.0)
      Microsoft.Extensions.Primitives (>= 7.0)
    Microsoft.Extensions.Configuration.Abstractions (7.0)
      Microsoft.Extensions.Primitives (>= 7.0)
    Microsoft.Extensions.Configuration.Binder (7.0.1)
      Microsoft.Extensions.Configuration.Abstractions (>= 7.0)
    Microsoft.Extensions.Configuration.CommandLine (7.0)
      Microsoft.Extensions.Configuration (>= 7.0)
      Microsoft.Extensions.Configuration.Abstractions (>= 7.0)
    Microsoft.Extensions.Configuration.EnvironmentVariables (7.0)
      Microsoft.Extensions.Configuration (>= 7.0)
      Microsoft.Extensions.Configuration.Abstractions (>= 7.0)
    Microsoft.Extensions.Configuration.FileExtensions (7.0)
      Microsoft.Extensions.Configuration (>= 7.0)
      Microsoft.Extensions.Configuration.Abstractions (>= 7.0)
      Microsoft.Extensions.FileProviders.Abstractions (>= 7.0)
      Microsoft.Extensions.FileProviders.Physical (>= 7.0)
      Microsoft.Extensions.Primitives (>= 7.0)
    Microsoft.Extensions.Configuration.Json (7.0)
      Microsoft.Extensions.Configuration (>= 7.0)
      Microsoft.Extensions.Configuration.Abstractions (>= 7.0)
      Microsoft.Extensions.Configuration.FileExtensions (>= 7.0)
      Microsoft.Extensions.FileProviders.Abstractions (>= 7.0)
      System.Text.Json (>= 7.0)
    Microsoft.Extensions.Configuration.UserSecrets (7.0)
      Microsoft.Extensions.Configuration.Abstractions (>= 7.0)
      Microsoft.Extensions.Configuration.Json (>= 7.0)
      Microsoft.Extensions.FileProviders.Abstractions (>= 7.0)
      Microsoft.Extensions.FileProviders.Physical (>= 7.0)
    Microsoft.Extensions.DependencyInjection (7.0)
      Microsoft.Extensions.DependencyInjection.Abstractions (>= 7.0)
    Microsoft.Extensions.DependencyInjection.Abstractions (7.0)
    Microsoft.Extensions.DependencyModel (7.0)
      System.Text.Encodings.Web (>= 7.0)
      System.Text.Json (>= 7.0)
    Microsoft.Extensions.Diagnostics.HealthChecks (7.0.1)
      Microsoft.Extensions.Diagnostics.HealthChecks.Abstractions (>= 7.0.1)
      Microsoft.Extensions.Hosting.Abstractions (>= 7.0)
      Microsoft.Extensions.Logging.Abstractions (>= 7.0)
      Microsoft.Extensions.Options (>= 7.0)
    Microsoft.Extensions.Diagnostics.HealthChecks.Abstractions (7.0.1)
    Microsoft.Extensions.FileProviders.Abstractions (7.0)
      Microsoft.Extensions.Primitives (>= 7.0)
    Microsoft.Extensions.FileProviders.Embedded (7.0.1)
      Microsoft.Extensions.FileProviders.Abstractions (>= 7.0)
    Microsoft.Extensions.FileProviders.Physical (7.0)
      Microsoft.Extensions.FileProviders.Abstractions (>= 7.0)
      Microsoft.Extensions.FileSystemGlobbing (>= 7.0)
      Microsoft.Extensions.Primitives (>= 7.0)
    Microsoft.Extensions.FileSystemGlobbing (7.0)
    Microsoft.Extensions.Hosting (7.0)
      Microsoft.Extensions.Configuration (>= 7.0)
      Microsoft.Extensions.Configuration.Abstractions (>= 7.0)
      Microsoft.Extensions.Configuration.Binder (>= 7.0)
      Microsoft.Extensions.Configuration.CommandLine (>= 7.0)
      Microsoft.Extensions.Configuration.EnvironmentVariables (>= 7.0)
      Microsoft.Extensions.Configuration.FileExtensions (>= 7.0)
      Microsoft.Extensions.Configuration.Json (>= 7.0)
      Microsoft.Extensions.Configuration.UserSecrets (>= 7.0)
      Microsoft.Extensions.DependencyInjection (>= 7.0)
      Microsoft.Extensions.DependencyInjection.Abstractions (>= 7.0)
      Microsoft.Extensions.FileProviders.Abstractions (>= 7.0)
      Microsoft.Extensions.FileProviders.Physical (>= 7.0)
      Microsoft.Extensions.Hosting.Abstractions (>= 7.0)
      Microsoft.Extensions.Logging (>= 7.0)
      Microsoft.Extensions.Logging.Abstractions (>= 7.0)
      Microsoft.Extensions.Logging.Configuration (>= 7.0)
      Microsoft.Extensions.Logging.Console (>= 7.0)
      Microsoft.Extensions.Logging.Debug (>= 7.0)
      Microsoft.Extensions.Logging.EventLog (>= 7.0)
      Microsoft.Extensions.Logging.EventSource (>= 7.0)
      Microsoft.Extensions.Options (>= 7.0)
    Microsoft.Extensions.Hosting.Abstractions (7.0)
      Microsoft.Extensions.Configuration.Abstractions (>= 7.0)
      Microsoft.Extensions.DependencyInjection.Abstractions (>= 7.0)
      Microsoft.Extensions.FileProviders.Abstractions (>= 7.0)
    Microsoft.Extensions.Logging (7.0)
      Microsoft.Extensions.DependencyInjection (>= 7.0)
      Microsoft.Extensions.DependencyInjection.Abstractions (>= 7.0)
      Microsoft.Extensions.Logging.Abstractions (>= 7.0)
      Microsoft.Extensions.Options (>= 7.0)
    Microsoft.Extensions.Logging.Abstractions (7.0)
    Microsoft.Extensions.Logging.Configuration (7.0)
      Microsoft.Extensions.Configuration (>= 7.0)
      Microsoft.Extensions.Configuration.Abstractions (>= 7.0)
      Microsoft.Extensions.Configuration.Binder (>= 7.0)
      Microsoft.Extensions.DependencyInjection.Abstractions (>= 7.0)
      Microsoft.Extensions.Logging (>= 7.0)
      Microsoft.Extensions.Logging.Abstractions (>= 7.0)
      Microsoft.Extensions.Options (>= 7.0)
      Microsoft.Extensions.Options.ConfigurationExtensions (>= 7.0)
    Microsoft.Extensions.Logging.Console (7.0)
      Microsoft.Extensions.DependencyInjection.Abstractions (>= 7.0)
      Microsoft.Extensions.Logging (>= 7.0)
      Microsoft.Extensions.Logging.Abstractions (>= 7.0)
      Microsoft.Extensions.Logging.Configuration (>= 7.0)
      Microsoft.Extensions.Options (>= 7.0)
      System.Text.Json (>= 7.0)
    Microsoft.Extensions.Logging.Debug (7.0)
      Microsoft.Extensions.DependencyInjection.Abstractions (>= 7.0)
      Microsoft.Extensions.Logging (>= 7.0)
      Microsoft.Extensions.Logging.Abstractions (>= 7.0)
    Microsoft.Extensions.Logging.EventLog (7.0)
      Microsoft.Extensions.DependencyInjection.Abstractions (>= 7.0)
      Microsoft.Extensions.Logging (>= 7.0)
      Microsoft.Extensions.Logging.Abstractions (>= 7.0)
      Microsoft.Extensions.Options (>= 7.0)
      System.Diagnostics.EventLog (>= 7.0)
    Microsoft.Extensions.Logging.EventSource (7.0)
      Microsoft.Extensions.DependencyInjection.Abstractions (>= 7.0)
      Microsoft.Extensions.Logging (>= 7.0)
      Microsoft.Extensions.Logging.Abstractions (>= 7.0)
      Microsoft.Extensions.Options (>= 7.0)
      Microsoft.Extensions.Primitives (>= 7.0)
      System.Text.Json (>= 7.0)
    Microsoft.Extensions.Options (7.0)
      Microsoft.Extensions.DependencyInjection.Abstractions (>= 7.0)
      Microsoft.Extensions.Primitives (>= 7.0)
    Microsoft.Extensions.Options.ConfigurationExtensions (7.0)
      Microsoft.Extensions.Configuration.Abstractions (>= 7.0)
      Microsoft.Extensions.Configuration.Binder (>= 7.0)
      Microsoft.Extensions.DependencyInjection.Abstractions (>= 7.0)
      Microsoft.Extensions.Options (>= 7.0)
      Microsoft.Extensions.Primitives (>= 7.0)
    Microsoft.Extensions.Primitives (7.0)
    Microsoft.IdentityModel.Abstractions (6.25.1)
    Microsoft.IdentityModel.JsonWebTokens (6.25.1)
      Microsoft.IdentityModel.Tokens (>= 6.25.1)
      System.Text.Encoding (>= 4.3)
      System.Text.Json (>= 4.7.2)
    Microsoft.IdentityModel.Logging (6.25.1)
      Microsoft.IdentityModel.Abstractions (>= 6.25.1)
    Microsoft.IdentityModel.Protocols (6.25.1)
      Microsoft.IdentityModel.Logging (>= 6.25.1)
      Microsoft.IdentityModel.Tokens (>= 6.25.1)
    Microsoft.IdentityModel.Protocols.OpenIdConnect (6.25.1)
      Microsoft.IdentityModel.Protocols (>= 6.25.1)
      System.IdentityModel.Tokens.Jwt (>= 6.25.1)
    Microsoft.IdentityModel.Tokens (6.25.1)
      Microsoft.CSharp (>= 4.5)
      Microsoft.IdentityModel.Logging (>= 6.25.1)
      System.Security.Cryptography.Cng (>= 4.5)
    Microsoft.NET.Test.Sdk (17.4.1)
      Microsoft.CodeCoverage (>= 17.4.1)
      Microsoft.TestPlatform.TestHost (>= 17.4.1)
    Microsoft.NETCore.Platforms (7.0)
    Microsoft.NETCore.Targets (5.0)
    Microsoft.TestPlatform.ObjectModel (17.4.1)
      NuGet.Frameworks (>= 5.11)
      System.Reflection.Metadata (>= 1.6)
    Microsoft.TestPlatform.TestHost (17.4.1)
      Microsoft.TestPlatform.ObjectModel (>= 17.4.1)
      Newtonsoft.Json (>= 13.0.1)
    Moq (4.18.4)
      Castle.Core (>= 5.1.1)
    Namotion.Reflection (2.1.1)
      Microsoft.CSharp (>= 4.3)
    NETStandard.Library (2.0.3)
      Microsoft.NETCore.Platforms (>= 1.1)
    Newtonsoft.Json (13.0.2)
    NJsonSchema (10.8)
      Namotion.Reflection (>= 2.1)
      Newtonsoft.Json (>= 9.0.1)
    NJsonSchema.Yaml (10.8)
      Microsoft.CSharp (>= 4.4.1)
      NJsonSchema (>= 10.8)
      YamlDotNet (>= 11.2.1)
    Npgsql (7.0.1)
      Microsoft.Extensions.Logging.Abstractions (>= 6.0)
    Npgsql.EntityFrameworkCore.PostgreSQL (7.0.1)
      Microsoft.EntityFrameworkCore (>= 7.0.1 < 8.0)
      Microsoft.EntityFrameworkCore.Abstractions (>= 7.0.1 < 8.0)
      Microsoft.EntityFrameworkCore.Relational (>= 7.0.1 < 8.0)
      Npgsql (>= 7.0.1)
    NSwag.Annotations (13.18.2)
    NSwag.AspNetCore (13.18.2)
      Microsoft.Extensions.ApiDescription.Server (>= 6.0.3)
      Microsoft.Extensions.FileProviders.Embedded (>= 7.0 < 8.0)
      NSwag.Annotations (>= 13.18.2)
      NSwag.Core (>= 13.18.2)
      NSwag.Core.Yaml (>= 13.18.2)
      NSwag.Generation (>= 13.18.2)
      NSwag.Generation.AspNetCore (>= 13.18.2)
    NSwag.Core (13.18.2)
      Newtonsoft.Json (>= 10.0.1)
      NJsonSchema (>= 10.8)
    NSwag.Core.Yaml (13.18.2)
      NJsonSchema.Yaml (>= 10.8)
      NSwag.Core (>= 13.18.2)
      YamlDotNet (>= 11.2.1)
    NSwag.Generation (13.18.2)
      Newtonsoft.Json (>= 10.0.1)
      NJsonSchema (>= 10.8)
      NSwag.Core (>= 13.18.2)
    NSwag.Generation.AspNetCore (13.18.2)
      Microsoft.Extensions.DependencyInjection.Abstractions (>= 7.0 < 8.0)
      Microsoft.Extensions.Options (>= 7.0 < 8.0)
      NSwag.Generation (>= 13.18.2)
    NuGet.Frameworks (6.4)
    OneOf (3.0.223)
    OneOf.SourceGenerator (3.0.223)
    OpenTelemetry (1.4.0-rc.1)
      Microsoft.Extensions.Configuration.EnvironmentVariables (>= 3.1)
      Microsoft.Extensions.Logging (>= 3.1)
      Microsoft.Extensions.Logging.Configuration (>= 3.1)
      Microsoft.Extensions.Options (>= 5.0)
      OpenTelemetry.Extensions.DependencyInjection (>= 1.4.0-rc.1)
    OpenTelemetry.Api (1.4.0-rc.1)
      System.Diagnostics.DiagnosticSource (>= 7.0)
    OpenTelemetry.Exporter.Console (1.3.2)
      OpenTelemetry (>= 1.3.2)
      System.Text.Json (>= 4.7)
    OpenTelemetry.Exporter.OpenTelemetryProtocol (1.3.2)
      Google.Protobuf (>= 3.19.4 < 4.0)
      Grpc.Net.Client (>= 2.43 < 3.0)
      OpenTelemetry (>= 1.3.2)
    OpenTelemetry.Exporter.OpenTelemetryProtocol.Logs (1.3.0-rc.2)
      OpenTelemetry (>= 1.3.0-rc.2)
      OpenTelemetry.Exporter.OpenTelemetryProtocol (>= 1.3.0-rc.2)
    OpenTelemetry.Extensions (1.0.0-beta2.88)
      OpenTelemetry (>= 1.1)
    OpenTelemetry.Extensions.DependencyInjection (1.4.0-rc.1)
      Microsoft.Extensions.DependencyInjection.Abstractions (>= 3.1)
      OpenTelemetry.Api (>= 1.4.0-rc.1)
    OpenTelemetry.Extensions.Hosting (1.4.0-rc.1)
      Microsoft.Extensions.Hosting.Abstractions (>= 2.1)
      OpenTelemetry (>= 1.4.0-rc.1)
    OpenTelemetry.Instrumentation.AspNetCore (1.0.0-rc9.10)
      OpenTelemetry (>= 1.4.0-rc.1)
    Pipelines.Sockets.Unofficial (2.2.2)
      System.IO.Pipelines (>= 5.0.1)
    Portable.BouncyCastle (1.9)
    RabbitMQ.Client (6.4)
      System.Memory (>= 4.5.4)
      System.Threading.Channels (>= 4.7.1)
    SharpZipLib (1.4.1)
    Shouldly (4.1)
      DiffEngine (>= 10.0)
      EmptyFiles (>= 2.8)
      Microsoft.CSharp (>= 4.7)
    StackExchange.Redis (2.6.86)
      Pipelines.Sockets.Unofficial (>= 2.2.2)
    StronglyTypedId (1.0.0-beta06)
    System.Buffers (4.5.1)
    System.CodeDom (7.0)
    System.Collections.Immutable (7.0)
    System.ComponentModel.Annotations (5.0)
    System.Diagnostics.DiagnosticSource (7.0)
    System.Diagnostics.EventLog (7.0)
    System.Formats.Asn1 (7.0)
    System.IdentityModel.Tokens.Jwt (6.25.1)
      Microsoft.IdentityModel.JsonWebTokens (>= 6.25.1)
      Microsoft.IdentityModel.Tokens (>= 6.25.1)
    System.IO.Pipelines (7.0)
    System.Linq.Async (6.0.1)
      Microsoft.Bcl.AsyncInterfaces (>= 6.0)
    System.Management (7.0)
      System.CodeDom (>= 7.0)
    System.Memory (4.5.5)
    System.Reflection.Metadata (7.0)
      System.Collections.Immutable (>= 7.0)
    System.Runtime (4.3.1)
      Microsoft.NETCore.Platforms (>= 1.1.1)
      Microsoft.NETCore.Targets (>= 1.1.3)
    System.Security.Cryptography.Cng (5.0)
      System.Formats.Asn1 (>= 5.0)
    System.Text.Encoding (4.3)
      Microsoft.NETCore.Platforms (>= 1.1)
      Microsoft.NETCore.Targets (>= 1.1)
      System.Runtime (>= 4.3)
    System.Text.Encodings.Web (7.0)
    System.Text.Json (7.0.1)
      System.Text.Encodings.Web (>= 7.0)
    System.Threading.Channels (7.0)
    System.Threading.Tasks.Extensions (4.5.4)
    Testcontainers (2.3)
      Docker.DotNet (>= 3.125.12)
      Docker.DotNet.X509 (>= 3.125.12)
      Microsoft.Extensions.Logging.Abstractions (>= 3.1.31)
      Portable.BouncyCastle (>= 1.9)
      SharpZipLib (>= 1.4.1)
      System.Text.Json (>= 4.7.2)
    xunit (2.4.2)
      xunit.analyzers (>= 1.0)
      xunit.assert (>= 2.4.2)
      xunit.core (2.4.2)
    xunit.abstractions (2.0.3)
    xunit.analyzers (1.1)
    xunit.assert (2.4.2)
      NETStandard.Library (>= 1.6.1)
    xunit.core (2.4.2)
      xunit.extensibility.core (2.4.2)
      xunit.extensibility.execution (2.4.2)
    xunit.extensibility.core (2.4.2)
      NETStandard.Library (>= 1.6.1)
      xunit.abstractions (>= 2.0.3)
    xunit.extensibility.execution (2.4.2)
      NETStandard.Library (>= 1.6.1)
      xunit.extensibility.core (2.4.2)
    xunit.runner.visualstudio (2.4.5)
    YamlDotNet (12.3.1)
